GEM
  remote: https://rubygems.org/
  specs:
    active_hash (1.3.0)
      activesupport (>= 2.2.2)
    activesupport (4.0.4)
      i18n (~> 0.6, >= 0.6.9)
      minitest (~> 4.2)
      multi_json (~> 1.3)
      thread_safe (~> 0.1)
      tzinfo (~> 0.3.37)
    atomic (1.1.16)
    builder (3.2.2)
    camping (2.1.532)
      mab (>= 0.0.3)
      rack (>= 1.0)
    excon (0.32.1)
    i18n (0.6.9)
    mab (0.0.3)
    markaby (0.8.0)
      builder
    minitest (4.7.5)
    multi_json (1.9.2)
    rack (1.5.2)
    thread_safe (0.3.1)
      atomic (>= 1.1.7, < 2)
    tzinfo (0.3.39)

PLATFORMS
  ruby
  x64-mingw32

DEPENDENCIES
  active_hash
  camping
  excon
  markaby
